PATH
  remote: .
  specs:
    agis (0.1.4)

GEM
  remote: https://rubygems.org/
  specs:
    database_cleaner (1.4.1)
    diff-lcs (1.2.5)
    json (1.8.2-java)
    mlanett-redis-lock (0.2.6)
      redis
    rdoc (4.2.0)
      json (~> 1.4)
    redis (3.2.1)
    rspec (3.2.0)
      rspec-core (~> 3.2.0)
      rspec-expectations (~> 3.2.0)
      rspec-mocks (~> 3.2.0)
    rspec-core (3.2.3)
      rspec-support (~> 3.2.0)
    rspec-expectations (3.2.1)
      diff-lcs (>= 1.2.0, < 2.0)
      rspec-support (~> 3.2.0)
    rspec-mocks (3.2.1)
      diff-lcs (>= 1.2.0, < 2.0)
      rspec-support (~> 3.2.0)
    rspec-support (3.2.2)

PLATFORMS
  java

DEPENDENCIES
  agis!
  database_cleaner
  mlanett-redis-lock
  rdoc
  redis
  rspec
